PATH
  remote: .
  specs:
    lcheck (0.1.0)

GEM
  remote: https://rubygems.org/
  specs:
    asciidoctor (2.0.17)
    colorize (0.8.1)
    faraday (2.3.0)
      faraday-net_http (~> 2.0)
      ruby2_keywords (>= 0.0.4)
    faraday-net_http (2.0.2)
    find (0.1.0)
    optparse (0.1.0)
    rake (13.0.3)
    ruby2_keywords (0.0.5)
    thread (0.2.2)

PLATFORMS
  x86_64-linux

DEPENDENCIES
  asciidoctor
  colorize
  faraday
  find
  lcheck!
  optparse
  rake (~> 13.0)
  thread

BUNDLED WITH
   2.3.13
